PATH
  remote: .
  specs:
    modis (1.3.0)
      activemodel (>= 3.0)
      activesupport (>= 3.0)
      connection_pool (>= 2)
      hiredis (>= 0.5)
      msgpack (>= 0.5)
      redis (>= 3.0)

GEM
  remote: https://rubygems.org/
  specs:
    activemodel (4.1.8)
      activesupport (= 4.1.8)
      builder (~> 3.1)
    activesupport (4.1.8)
      i18n (~> 0.6, >= 0.6.9)
      json (~> 1.7, >= 1.7.7)
      minitest (~> 5.1)
      thread_safe (~> 0.1)
      tzinfo (~> 1.1)
    ast (2.0.0)
    astrolabe (1.3.0)
      parser (>= 2.2.0.pre.3, < 3.0)
    builder (3.2.2)
    cane (2.6.2)
      parallel
    connection_pool (2.1.0)
    coveralls (0.7.2)
      multi_json (~> 1.3)
      rest-client (= 1.6.7)
      simplecov (>= 0.7)
      term-ansicolor (= 1.2.2)
      thor (= 0.18.1)
    diff-lcs (1.2.5)
    docile (1.1.5)
    hiredis (0.5.2)
    i18n (0.6.11)
    json (1.8.1)
    mime-types (2.4.3)
    minitest (5.4.3)
    msgpack (0.5.9)
    multi_json (1.10.1)
    parallel (1.3.3)
    parser (2.2.0.pre.8)
      ast (>= 1.1, < 3.0)
      slop (~> 3.4, >= 3.4.5)
    powerpack (0.0.9)
    rainbow (2.0.0)
    rake (10.4.2)
    redis (3.2.0)
    rest-client (1.6.7)
      mime-types (>= 1.16)
    rspec (3.1.0)
      rspec-core (~> 3.1.0)
      rspec-expectations (~> 3.1.0)
      rspec-mocks (~> 3.1.0)
    rspec-core (3.1.7)
      rspec-support (~> 3.1.0)
    rspec-expectations (3.1.2)
      diff-lcs (>= 1.2.0, < 2.0)
      rspec-support (~> 3.1.0)
    rspec-mocks (3.1.3)
      rspec-support (~> 3.1.0)
    rspec-support (3.1.2)
    rubocop (0.28.0)
      astrolabe (~> 1.3)
      parser (>= 2.2.0.pre.7, < 3.0)
      powerpack (~> 0.0.6)
      rainbow (>= 1.99.1, < 3.0)
      ruby-progressbar (~> 1.4)
    ruby-progressbar (1.7.0)
    simplecov (0.9.1)
      docile (~> 1.1.0)
      multi_json (~> 1.0)
      simplecov-html (~> 0.8.0)
    simplecov-html (0.8.0)
    slop (3.6.0)
    stackprof (0.2.7)
    term-ansicolor (1.2.2)
      tins (~> 0.8)
    thor (0.18.1)
    thread_safe (0.3.4)
    tins (0.13.2)
    tzinfo (1.2.2)
      thread_safe (~> 0.1)

PLATFORMS
  java
  ruby

DEPENDENCIES
  cane
  coveralls
  modis!
  rake
  rspec
  rubocop
  simplecov
  stackprof
